PATH
  remote: .
  specs:
    vcloud-rest (0.0.1)
      nokogiri (~> 1.5.5)
      rest-client (~> 1.6.7)

GEM
  remote: http://rubygems.org/
  specs:
    mime-types (1.19)
    minitest (4.3.3)
    nokogiri (1.5.5)
    rake (10.0.3)
    rest-client (1.6.7)
      mime-types (>= 1.16)

PLATFORMS
  ruby

DEPENDENCIES
  minitest
  rake
  vcloud-rest!
